PATH
  remote: .
  specs:
    agent (0.1.0)
      uuid

GEM
  remote: http://rubygems.org/
  specs:
    diff-lcs (1.1.2)
    macaddr (1.0.0)
    rspec (2.5.0)
      rspec-core (~> 2.5.0)
      rspec-expectations (~> 2.5.0)
      rspec-mocks (~> 2.5.0)
    rspec-core (2.5.1)
    rspec-expectations (2.5.0)
      diff-lcs (~> 1.1.2)
    rspec-mocks (2.5.0)
    uuid (2.3.1)
      macaddr (~> 1.0)

PLATFORMS
  java
  ruby

DEPENDENCIES
  agent!
  rspec
